RESTRICTION: == netcoreapp3.1
NUGET
  remote: https://api.nuget.org/v3/index.json
    FAKE (4.64.18)
    Microsoft.NETCore.Platforms (5.0)
    NETStandard.Library (2.0.3)
      Microsoft.NETCore.Platforms (>= 1.1)
    OpenTK (4.2)
      OpenTK.Compute (>= 4.2)
      OpenTK.Core (>= 4.2)
      OpenTK.Graphics (>= 4.2)
      OpenTK.Input (>= 4.2)
      OpenTK.Mathematics (>= 4.2)
      OpenTK.OpenAL (>= 4.2)
      OpenTK.Windowing.Common (>= 4.2)
      OpenTK.Windowing.Desktop (>= 4.2)
      OpenTK.Windowing.GraphicsLibraryFramework (>= 4.2)
    OpenTK.Compute (4.2)
    OpenTK.Core (4.2)
    OpenTK.Graphics (4.2)
      OpenTK.Core (>= 4.2 < 4.3)
      OpenTK.Mathematics (>= 4.2 < 4.3)
    OpenTK.Input (4.2)
    OpenTK.Mathematics (4.2)
    OpenTK.OpenAL (4.2)
      OpenTK.Core (>= 4.2 < 4.3)
      OpenTK.Mathematics (>= 4.2 < 4.3)
    OpenTK.redist.glfw (3.3.0-pre20200830200122)
    OpenTK.Windowing.Common (4.2)
      OpenTK.Core (>= 4.2 < 4.3)
      OpenTK.Mathematics (>= 4.2 < 4.3)
    OpenTK.Windowing.Desktop (4.2)
      OpenTK.Core (>= 4.2 < 4.3)
      OpenTK.Mathematics (>= 4.2 < 4.3)
      OpenTK.Windowing.Common (>= 4.2 < 4.3)
      OpenTK.Windowing.GraphicsLibraryFramework (>= 4.2 < 4.3)
    OpenTK.Windowing.GraphicsLibraryFramework (4.2)
      OpenTK.Core (>= 4.2 < 4.3)
      OpenTK.redist.glfw (>= 3.3.0-pre20200830200122 < 3.4.0-pre)
